GEM
  remote: https://rubygems.org/
  specs:
    addressable (2.7.0)
      public_suffix (>= 2.0.2, < 5.0)
    asciidoctor (2.0.13)
    bibtex-ruby (6.0.0)
      latex-decode (~> 0.0)
    cnccs (0.1.6)
    colorator (1.1.0)
    concurrent-ruby (1.1.8)
    connection_pool (2.2.5)
    domain_name (0.5.20190701)
      unf (>= 0.0.5, < 1.0.0)
    em-websocket (0.5.2)
      eventmachine (>= 0.12.9)
      http_parser.rb (~> 0.6.0)
    eventmachine (1.2.7)
    faraday (1.3.0)
      faraday-net_http (~> 1.0)
      multipart-post (>= 1.2, < 3)
      ruby2_keywords
    faraday-net_http (1.0.1)
    faraday_middleware (1.0.0)
      faraday (~> 1.0)
    ffi (1.15.0)
    forwardable-extended (2.6.0)
    gb-agencies (0.0.7)
    http-cookie (1.0.3)
      domain_name (~> 0.5)
    http_parser.rb (0.6.0)
    i18n (0.9.5)
      concurrent-ruby (~> 1.0)
    iso639 (1.3.2)
    isoics (0.1.9)
    jekyll (3.8.7)
      addressable (~> 2.4)
      colorator (~> 1.0)
      em-websocket (~> 0.5)
      i18n (~> 0.7)
      jekyll-sass-converter (~> 1.0)
      jekyll-watch (~> 2.0)
      kramdown (~> 1.14)
      liquid (~> 4.0)
      mercenary (~> 0.3.3)
      pathutil (~> 0.9)
      rouge (>= 1.7, < 4)
      safe_yaml (~> 1.0)
    jekyll-plugin-frontend-build (0.0.2)
      jekyll (~> 3.8)
    jekyll-sass-converter (1.5.2)
      sass (~> 3.4)
    jekyll-watch (2.2.1)
      listen (~> 3.0)
    kramdown (1.17.0)
    latex-decode (0.3.2)
    liquid (4.0.3)
    listen (3.5.1)
      rb-fsevent (~> 0.10, >= 0.10.3)
      rb-inotify (~> 0.9, >= 0.9.10)
    mechanize (2.7.7)
      domain_name (~> 0.5, >= 0.5.1)
      http-cookie (~> 1.0)
      mime-types (>= 1.17.2)
      net-http-digest_auth (~> 1.1, >= 1.1.1)
      net-http-persistent (>= 2.5.2)
      nokogiri (~> 1.6)
      ntlm-http (~> 0.1, >= 0.1.1)
      webrick (~> 1.7)
      webrobots (>= 0.0.9, < 0.2)
    mercenary (0.3.6)
    mime-types (3.3.1)
      mime-types-data (~> 3.2015)
    mime-types-data (3.2021.0225)
    multi_json (1.15.0)
    multipart-post (2.1.1)
    net-http-digest_auth (1.4.1)
    net-http-persistent (4.0.1)
      connection_pool (~> 2.2)
    nokogiri (1.11.4-x86_64-darwin)
      racc (~> 1.4)
    nokogiri (1.11.4-x86_64-linux)
      racc (~> 1.4)
    ntlm-http (0.1.1)
    pathutil (0.16.2)
      forwardable-extended (~> 2.6)
    public_suffix (4.0.6)
    racc (1.5.2)
    rb-fsevent (0.10.4)
    rb-inotify (0.10.1)
      ffi (~> 1.0)
    relaton (1.7.7)
      relaton-bipm (~> 1.7.0)
      relaton-calconnect (~> 1.7.0)
      relaton-cie (~> 1.7.pre1)
      relaton-ecma (~> 1.7.pre1)
      relaton-gb (~> 1.7.0)
      relaton-iec (>= 1.7.6)
      relaton-ieee (~> 1.7.0)
      relaton-ietf (~> 1.7.0)
      relaton-iho (~> 1.7.0)
      relaton-iso (>= 1.7.1)
      relaton-itu (>= 1.7.2)
      relaton-nist (>= 1.7.1)
      relaton-ogc (~> 1.7.0)
      relaton-omg (~> 1.7.0)
      relaton-un (~> 1.7.0)
      relaton-w3c (~> 1.7.0)
    relaton-bib (1.7.4)
      addressable
      bibtex-ruby
      iso639
      nokogiri
    relaton-bipm (1.7.2)
      mechanize (~> 2.7.6)
      relaton-bib (~> 1.7.0)
      serrano (~> 1.0)
    relaton-calconnect (1.7.2)
      faraday
      relaton-bib (~> 1.7.0)
    relaton-cie (1.7.pre2)
      relaton-bib (~> 1.7.0)
    relaton-ecma (1.7.pre4)
      relaton-bib (~> 1.7.0)
    relaton-gb (1.7.2)
      cnccs (~> 0.1.1)
      gb-agencies (~> 0.0.1)
      relaton-iso-bib (>= 1.7.0)
    relaton-iec (1.7.8)
      addressable
      relaton-iso-bib (~> 1.7.0)
    relaton-ieee (1.7.4)
      faraday (~> 1.1)
      relaton-bib (~> 1.7.0)
    relaton-ietf (1.7.4)
      relaton-bib (~> 1.7.0)
    relaton-iho (1.7.2)
      relaton-bib (~> 1.7.0)
    relaton-iso (1.7.4)
      relaton-iec (~> 1.7.0)
      relaton-iso-bib (~> 1.7.0)
    relaton-iso-bib (1.7.1)
      isoics (~> 0.1.6)
      relaton-bib (~> 1.7.0)
    relaton-itu (1.7.7)
      relaton-bib (~> 1.7.0)
    relaton-nist (1.7.4)
      relaton-bib (~> 1.7.0)
      rubyzip
    relaton-ogc (1.7.3)
      faraday (~> 1.1)
      relaton-iso-bib (~> 1.7.0)
    relaton-omg (1.7.1)
      relaton-bib (~> 1.7.0)
    relaton-un (1.7.2)
      faraday
      http-cookie
      relaton-bib (~> 1.7.0)
      unf_ext (>= 0.0.7.7)
    relaton-w3c (1.7.2)
      relaton-bib (>= 1.7.0)
    rouge (3.26.0)
    ruby2_keywords (0.0.4)
    rubyzip (2.3.0)
    safe_yaml (1.0.5)
    sass (3.7.4)
      sass-listen (~> 4.0.0)
    sass-listen (4.0.0)
      rb-fsevent (~> 0.9, >= 0.9.4)
      rb-inotify (~> 0.9, >= 0.9.7)
    serrano (1.0.0)
      faraday (~> 1.1)
      faraday_middleware (~> 1.0)
      multi_json (~> 1.15)
      thor (~> 1.0, >= 1.0.1)
    thor (1.1.0)
    unf (0.1.4)
      unf_ext
    unf_ext (0.0.7.7)
    webrick (1.7.0)
    webrobots (0.1.2)

PLATFORMS
  x86_64-darwin-18
  x86_64-linux

DEPENDENCIES
  asciidoctor
  jekyll (~> 3.8.5)
  jekyll-plugin-frontend-build (~> 0.0.2)
  nokogiri
  relaton
  tzinfo-data

BUNDLED WITH
   2.2.3
